GEM
  remote: https://rubygems.org/
  specs:
    activesupport (3.2.22.5)
      i18n (~> 0.6, >= 0.6.4)
      multi_json (~> 1.0)
    factory_girl (2.6.4)
      activesupport (>= 2.3.9)
    i18n (0.6.11)
    json (1.8.6)
    multi_json (1.15.0)
    rack (1.6.13)
    rdoc (4.2.2)
      json (~> 1.4)
    rspec (1.3.2)
    rspec-rails (1.3.4)
      rack (>= 1.0.0)
      rspec (~> 1.3.1)
    shoulda (2.11.3)
    sqlite3 (1.3.13)

PLATFORMS
  ruby

DEPENDENCIES
  factory_girl (= 2.6.4)
  rdoc
  rspec
  rspec-rails (~> 1.3.4)
  shoulda (~> 2.11.3)
  sqlite3 (~> 1.3.0)

BUNDLED WITH
   1.17.3
